GEM
  remote: https://rubygems.org/
  specs:
    nio4r (2.5.9)
    puma (6.3.1)
      nio4r (~> 2.0)

PLATFORMS
  x86_64-linux

DEPENDENCIES
  puma

BUNDLED WITH
   2.3.24
